PATH
  remote: ../../
  specs:
    bubble-wrap (1.4.0)

GEM
  remote: https://rubygems.org/
  specs:

PLATFORMS
  ruby

DEPENDENCIES
  bubble-wrap!
