PATH
  remote: ../../
  specs:
    bubble-wrap (1.7.1)

GEM
  remote: https://rubygems.org/
  specs:
    motion-dryer (0.0.1)
    rake (10.4.2)

PLATFORMS
  ruby

DEPENDENCIES
  bubble-wrap!
  motion-dryer
  rake
